GEM
  remote: https://rubygems.org/
  specs:
    benchmark-memory (0.1.1)
      memory_profiler (~> 0.9)
    coderay (1.1.1)
    diff-lcs (1.2.5)
    faker (1.6.6)
      i18n (~> 0.5)
    funkify (0.0.4)
    gnuplot (2.6.2)
    graph-function (0.1.7)
      benchmark-memory
      faker
      gnuplot
      rantly
      ruby-progressbar
    i18n (0.7.0)
    memory_profiler (0.9.6)
    method_source (0.8.2)
    pry (0.10.4)
      coderay (~> 1.1.0)
      method_source (~> 0.8.1)
      slop (~> 3.4)
    rantly (1.0.0)
    rspec (3.5.0)
      rspec-core (~> 3.5.0)
      rspec-expectations (~> 3.5.0)
      rspec-mocks (~> 3.5.0)
    rspec-core (3.5.4)
      rspec-support (~> 3.5.0)
    rspec-expectations (3.5.0)
      diff-lcs (>= 1.2.0, < 2.0)
      rspec-support (~> 3.5.0)
    rspec-mocks (3.5.0)
      diff-lcs (>= 1.2.0, < 2.0)
      rspec-support (~> 3.5.0)
    rspec-support (3.5.0)
    ruby-progressbar (1.8.1)
    slop (3.6.0)

PLATFORMS
  ruby

DEPENDENCIES
  funkify
  graph-function
  pry
  rspec

BUNDLED WITH
   1.12.5
